PATH
  remote: .
  specs:
    banklink_lv (1.1.3)
      activesupport

GEM
  remote: https://rubygems.org/
  specs:
    activesupport (4.0.12)
      i18n (~> 0.6, >= 0.6.9)
      minitest (~> 4.2)
      multi_json (~> 1.3)
      thread_safe (~> 0.1)
      tzinfo (~> 0.3.37)
    concurrent-ruby (1.1.4)
    i18n (0.9.5)
      concurrent-ruby (~> 1.0)
    minitest (4.7.5)
    multi_json (1.13.1)
    rake (10.1.1)
    thread_safe (0.3.6)
    tzinfo (0.3.42)

PLATFORMS
  ruby

DEPENDENCIES
  banklink_lv!
  minitest
  rake

BUNDLED WITH
   1.16.6
